GEM
  remote: https://rubygems.org/
  specs:
    colorator (1.1.0)
    ffi (1.9.14)
    ffi (1.9.14-x64-mingw32)
    forwardable-extended (2.6.0)
    jekyll (3.2.0)
      colorator (~> 1.0)
      jekyll-sass-converter (~> 1.0)
      jekyll-watch (~> 1.1)
      kramdown (~> 1.3)
      liquid (~> 3.0)
      mercenary (~> 0.3.3)
      pathutil (~> 0.9)
      rouge (~> 1.7)
      safe_yaml (~> 1.0)
    jekyll-sass-converter (1.4.0)
      sass (~> 3.4)
    jekyll-watch (1.5.0)
      listen (~> 3.0, < 3.1)
    json (2.0.2)
    kramdown (1.11.1)
    liquid (3.0.6)
    listen (3.0.8)
      rb-fsevent (~> 0.9, >= 0.9.4)
      rb-inotify (~> 0.9, >= 0.9.7)
    mercenary (0.3.6)
    pathutil (0.14.0)
      forwardable-extended (~> 2.6)
    rake (11.2.2)
    rb-fsevent (0.9.7)
    rb-inotify (0.9.7)
      ffi (>= 0.5.0)
    rouge (1.9.0)
    safe_yaml (1.0.4)
    sass (3.4.22)
    scss_lint (0.49.0)
      rake (>= 0.9, < 12)
      sass (~> 3.4.20)

PLATFORMS
  ruby
  x64-mingw32

DEPENDENCIES
  jekyll
  json
  kramdown
  rake
  rouge (= 1.9)
  scss_lint

BUNDLED WITH
   1.12.3
